GEM
  remote: http://rubygems.org/
  specs:
    PriorityQueue (0.1.2)
    curb (0.8.3)
    i18n (0.6.1)
    leveldb-ruby (0.15)
    locale (2.0.8)
    lrucache (0.1.4)
      PriorityQueue (~> 0.1.2)
    mail (2.5.3)
      i18n (>= 0.4.0)
      mime-types (~> 1.16)
      treetop (~> 1.4.8)
    mime-types (1.19)
    polyglot (0.3.3)
    rack (1.4.3)
    rack-protection (1.3.2)
      rack
    sinatra (1.3.3)
      rack (~> 1.3, >= 1.3.6)
      rack-protection (~> 1.2)
      tilt (~> 1.3, >= 1.3.3)
    tilt (1.3.3)
    treetop (1.4.12)
      polyglot
      polyglot (>= 0.3.1)
    trollop (2.0)
    whistlepig (0.12)
    xdg (2.2.3)

PLATFORMS
  ruby

DEPENDENCIES
  curb
  leveldb-ruby
  locale
  lrucache
  mail
  sinatra
  trollop
  whistlepig
  xdg
